GEM
  remote: https://rubygems.org/
  specs:
    chunky_png (1.4.0)

PLATFORMS
  ruby
  x86_64-linux

DEPENDENCIES
  bundler (~> 2.2.0)
  chunky_png (~> 1.4.0)

BUNDLED WITH
   2.2.15
